GIT
  remote: git://github.com/yareg/07-codebreaker.git
  revision: 9bb47d55e317b60947e289257268551f192e5917
  branch: task/codebreaker-simplified
  specs:
    codebreaker (0.1.0)

GEM
  remote: https://rubygems.org/
  specs:
    activesupport (5.0.1)
      concurrent-ruby (~> 1.0, >= 1.0.2)
      i18n (~> 0.7)
      minitest (~> 5.1)
      tzinfo (~> 1.1)
    concurrent-ruby (1.0.4)
    i18n (0.7.0)
    minitest (5.10.1)
    rack (2.0.1)
    thread_safe (0.3.5)
    tzinfo (1.2.2)
      thread_safe (~> 0.1)

PLATFORMS
  ruby

DEPENDENCIES
  activesupport
  codebreaker!
  rack

BUNDLED WITH
   1.13.7
